GEM
  remote: https://rubygems.org/
  specs:
    coderay (1.1.3)
    csv (3.2.5)
    method_source (1.0.0)
    pry (0.14.1)
      coderay (~> 1.1)
      method_source (~> 1.0)
    sqlite3 (1.5.3-x86_64-linux)

PLATFORMS
  x86_64-linux

DEPENDENCIES
  csv
  pry
  sqlite3

BUNDLED WITH
   2.3.9
